GEM
  remote: http://rubygems.org/
  specs:
    addressable (2.3.2)
    colorize (0.5.8)
    eventmachine (0.12.10)
    json (1.7.5)
    libwebsocket (0.1.5)
      addressable
    multi_json (1.3.6)
    pusher (0.10.0)
      multi_json (~> 1.0)
      signature (~> 0.1.4)
    pusher-client (0.2.1)
      eventmachine (~> 0.12.10)
      libwebsocket (~> 0.1.0)
    signature (0.1.4)

PLATFORMS
  ruby

DEPENDENCIES
  colorize
  json
  pusher
  pusher-client
